GIT
  remote: git://github.com/dsaronin/refinerycms-blog
  revision: 0c434b3413e5469d223450ab322722b26f5eb298
  branch: master
  specs:
    refinerycms-blog (1.6.2)
      acts-as-taggable-on
      filters_spam (~> 0.2)
      refinerycms-core (~> 1.0.3)
      seo_meta (~> 1.1.0)

GIT
  remote: git://github.com/dsaronin/refinerycms-galleries
  revision: 0c9f53fa54108df78cc15b17ea7dd76441941ce4
  branch: master
  specs:
    refinerycms-galleries (0.4)

GIT
  remote: git://github.com/dsaronin/refinerycms-news
  revision: 3d30155589f3a45dad84f12c8473d35037ca7982
  branch: master
  specs:
    refinerycms-news (1.2.0)
      refinerycms-core (~> 1.0.0)

PATH
  remote: vendor/engines
  specs:
    refinerycms-daily_quotes (1.0)
    refinerycms-event_calendars (1.0)

GEM
  remote: http://rubygems.org/
  specs:
    abstract (1.0.0)
    actionmailer (3.0.19)
      actionpack (= 3.0.19)
      mail (~> 2.2.19)
    actionpack (3.0.19)
      activemodel (= 3.0.19)
      activesupport (= 3.0.19)
      builder (~> 2.1.2)
      erubis (~> 2.6.6)
      i18n (~> 0.5.0)
      rack (~> 1.2.5)
      rack-mount (~> 0.6.14)
      rack-test (~> 0.5.7)
      tzinfo (~> 0.3.23)
    activemodel (3.0.19)
      activesupport (= 3.0.19)
      builder (~> 2.1.2)
      i18n (~> 0.5.0)
    activerecord (3.0.19)
      activemodel (= 3.0.19)
      activesupport (= 3.0.19)
      arel (~> 2.0.10)
      tzinfo (~> 0.3.23)
    activeresource (3.0.19)
      activemodel (= 3.0.19)
      activesupport (= 3.0.19)
    activesupport (3.0.19)
    acts-as-taggable-on (2.3.3)
      rails (~> 3.0)
    acts_as_indexed (0.7.8)
    arel (2.0.10)
    awesome_nested_set (2.1.5)
      activerecord (>= 3.0.0)
    babosa (0.3.8)
    bcrypt-ruby (3.0.1)
    builder (2.1.2)
    daemons (1.1.9)
    devise (1.4.9)
      bcrypt-ruby (~> 3.0)
      orm_adapter (~> 0.0.3)
      warden (~> 1.0.3)
    dragonfly (0.9.12)
      rack
    erubis (2.6.6)
      abstract (>= 1.0.0)
    eventmachine (1.0.0)
    excon (0.9.6)
    filters_spam (0.3)
    fog (1.1.2)
      builder
      excon (~> 0.9.0)
      formatador (~> 0.2.0)
      mime-types
      multi_json (~> 1.0.3)
      net-scp (~> 1.0.4)
      net-ssh (>= 2.1.3)
      nokogiri (~> 1.5.0)
      ruby-hmac
    formatador (0.2.4)
    friendly_id_globalize3 (3.2.1.6)
      babosa (~> 0.3.0)
    globalize3 (0.2.0)
      activemodel (>= 3.0.0)
      activerecord (>= 3.0.0)
      paper_trail (~> 2)
    haml (3.1.4)
    hominid (3.0.5)
    i18n (0.5.0)
    json (1.7.6)
    mail (2.2.19)
      activesupport (>= 2.3.6)
      i18n (>= 0.4.0)
      mime-types (~> 1.16)
      treetop (~> 1.4.8)
    mime-types (1.19)
    multi_json (1.0.4)
    net-scp (1.0.4)
      net-ssh (>= 1.99.1)
    net-ssh (2.6.2)
    nokogiri (1.5.5)
    orm_adapter (0.0.7)
    paper_trail (2.6.4)
      activerecord (~> 3.0)
      railties (~> 3.0)
    pg (0.14.1)
    polyglot (0.3.3)
    rack (1.2.6)
    rack-cache (1.2)
      rack (>= 0.4)
    rack-mount (0.6.14)
      rack (>= 1.0.0)
    rack-test (0.5.7)
      rack (>= 1.0)
    rails (3.0.19)
      actionmailer (= 3.0.19)
      actionpack (= 3.0.19)
      activerecord (= 3.0.19)
      activeresource (= 3.0.19)
      activesupport (= 3.0.19)
      bundler (~> 1.0)
      railties (= 3.0.19)
    railties (3.0.19)
      actionpack (= 3.0.19)
      activesupport (= 3.0.19)
      rake (>= 0.8.7)
      rdoc (~> 3.4)
      thor (~> 0.14.4)
    rake (10.0.3)
    rdoc (3.12)
      json (~> 1.4)
    recaptcha (0.3.4)
    refinerycms (1.0.11)
      bundler (~> 1.0)
      refinerycms-authentication (= 1.0.11)
      refinerycms-base (= 1.0.11)
      refinerycms-core (= 1.0.11)
      refinerycms-dashboard (= 1.0.11)
      refinerycms-images (= 1.0.11)
      refinerycms-pages (= 1.0.11)
      refinerycms-resources (= 1.0.11)
      refinerycms-settings (= 1.0.11)
    refinerycms-authentication (1.0.11)
      activerecord (~> 3.0.10)
      devise (~> 1.4.3)
      friendly_id_globalize3 (~> 3.2.1)
      refinerycms-core (= 1.0.11)
    refinerycms-base (1.0.11)
    refinerycms-core (1.0.11)
      acts_as_indexed (~> 0.7)
      awesome_nested_set (~> 2.0)
      friendly_id_globalize3 (~> 3.2.1)
      globalize3 (~> 0.2.0.beta4)
      rails (~> 3.0.10)
      refinerycms-base (= 1.0.11)
      refinerycms-generators (~> 1.0)
      refinerycms-settings (= 1.0.11)
      truncate_html (~> 0.5)
      will_paginate (~> 3.0.0)
    refinerycms-dashboard (1.0.11)
      refinerycms-core (= 1.0.11)
    refinerycms-generators (1.0.4)
    refinerycms-i18n (1.0.0)
      refinerycms-core (>= 0.9.9.12)
      routing-filter (>= 0.2.3)
    refinerycms-images (1.0.11)
      activerecord (~> 3.0.10)
      dragonfly (~> 0.9.0)
      rack-cache (>= 0.5.3)
      refinerycms-core (= 1.0.11)
    refinerycms-inquiries (1.0.1)
      filters_spam (~> 0.2)
    refinerycms-mailchimp (0.0.2)
      hominid (~> 3.0)
    refinerycms-page-images (1.0.4)
      refinerycms-pages (>= 0.9.9.1)
    refinerycms-pages (1.0.11)
      activerecord (~> 3.0.10)
      awesome_nested_set (~> 2.0)
      friendly_id_globalize3 (~> 3.2.1)
      globalize3 (~> 0.2.0.beta4)
      refinerycms-core (= 1.0.11)
      seo_meta (~> 1.1)
    refinerycms-resources (1.0.11)
      activerecord (~> 3.0.10)
      dragonfly (~> 0.9.0)
      rack-cache (>= 0.5.3)
      refinerycms-core (= 1.0.11)
    refinerycms-settings (1.0.11)
      activerecord (~> 3.0.10)
      refinerycms-base (= 1.0.11)
    rest-client (1.6.7)
      mime-types (>= 1.16)
    routing-filter (0.3.1)
      actionpack
    ruby-hmac (0.4.0)
    sass (3.1.12)
    seo_meta (1.1.1)
      refinerycms-generators (~> 1.0.1)
    thin (1.5.0)
      daemons (>= 1.0.9)
      eventmachine (>= 0.12.6)
      rack (>= 1.0.0)
    thor (0.14.6)
    treetop (1.4.12)
      polyglot
      polyglot (>= 0.3.1)
    truncate_html (0.5.5)
    tzinfo (0.3.35)
    warden (1.0.6)
      rack (>= 1.0)
    will_paginate (3.0.3)

PLATFORMS
  ruby

DEPENDENCIES
  fog (= 1.1.2)
  haml (= 3.1.4)
  pg
  rails (= 3.0.19)
  recaptcha (= 0.3.4)
  refinerycms (~> 1.0.9)
  refinerycms-blog!
  refinerycms-daily_quotes (= 1.0)!
  refinerycms-event_calendars (= 1.0)!
  refinerycms-galleries!
  refinerycms-i18n (~> 1.0.0)
  refinerycms-inquiries (= 1.0.1)
  refinerycms-mailchimp (= 0.0.2)
  refinerycms-news!
  refinerycms-page-images (= 1.0.4)
  rest-client (= 1.6.7)
  sass (= 3.1.12)
  seo_meta (= 1.1.1)
  thin
